GEM
  remote: https://rubygems.org/
  specs:
    concurrent-ruby (1.1.6)
    dry-cli (0.5.1)
      concurrent-ruby (~> 1.0)
    fauthentic (0.2.0)
      openssl (~> 2.0)
    ipaddr (1.2.2)
    mini_portile2 (2.4.0)
    nokogiri (1.10.9)
      mini_portile2 (~> 2.4.0)
    openssl (2.1.2)
      ipaddr
    xmldsig (0.6.6)
      nokogiri (>= 1.6.8, < 2.0.0)

PLATFORMS
  ruby

DEPENDENCIES
  dry-cli
  fauthentic
  xmldsig

BUNDLED WITH
   2.0.2
